PATH
  remote: .
  specs:
    tw (1.3.1)
      args_parser (>= 0.2.0)
      json (>= 2.1.0)
      launchy (>= 2.4.3)
      oauth (>= 0.5.4)
      parallel (>= 1.12.0)
      rainbow (>= 3.0.0)
      twitter (>= 6.2.0)

GEM
  remote: https://rubygems.org/
  specs:
    addressable (2.6.0)
      public_suffix (>= 2.0.2, < 4.0)
    args_parser (0.2.0)
    buftok (0.2.0)
    domain_name (0.5.20180417)
      unf (>= 0.0.5, < 1.0.0)
    equalizer (0.0.11)
    http (3.3.0)
      addressable (~> 2.3)
      http-cookie (~> 1.0)
      http-form_data (~> 2.0)
      http_parser.rb (~> 0.6.0)
    http-cookie (1.0.3)
      domain_name (~> 0.5)
    http-form_data (2.1.1)
    http_parser.rb (0.6.0)
    json (2.2.0)
    launchy (2.4.3)
      addressable (~> 2.3)
    memoizable (0.4.2)
      thread_safe (~> 0.3, >= 0.3.1)
    minitest (5.11.3)
    multipart-post (2.0.0)
    naught (1.1.0)
    oauth (0.5.4)
    parallel (1.17.0)
    public_suffix (3.0.3)
    rainbow (3.0.0)
    rake (12.3.0)
    simple_oauth (0.3.1)
    thread_safe (0.3.6)
    twitter (6.2.0)
      addressable (~> 2.3)
      buftok (~> 0.2.0)
      equalizer (~> 0.0.11)
      http (~> 3.0)
      http-form_data (~> 2.0)
      http_parser.rb (~> 0.6.0)
      memoizable (~> 0.4.0)
      multipart-post (~> 2.0)
      naught (~> 1.0)
      simple_oauth (~> 0.3.0)
    unf (0.1.4)
      unf_ext
    unf_ext (0.0.7.5)

PLATFORMS
  ruby

DEPENDENCIES
  bundler (~> 1.15)
  minitest
  rake
  tw!

BUNDLED WITH
   1.16.1
