GEM
  remote: http://rubygems.org/
  specs:
    RedCloth (4.2.9)
    activesupport (2.3.14)
    args_parser (0.1.0)
    faraday (0.8.4)
      multipart-post (~> 1.1)
    hoe (3.1.0)
      rake (~> 0.8)
    multi_json (1.3.6)
    multipart-post (1.1.5)
    newgem (1.5.3)
      RedCloth (>= 4.1.1)
      activesupport (~> 2.3.4)
      hoe (>= 2.4.0)
      rubigen (>= 1.5.3)
      syntax (>= 1.0.0)
    oauth (0.4.7)
    rainbow (1.1.4)
    rake (0.9.2.2)
    rubigen (1.5.8)
      activesupport (>= 2.3.5, < 3.2.0)
    simple_oauth (0.1.9)
    syntax (1.0.0)
    twitter (4.0.0)
      faraday (~> 0.8)
      multi_json (~> 1.3)
      simple_oauth (~> 0.1.6)

PLATFORMS
  ruby

DEPENDENCIES
  args_parser
  hoe
  newgem
  oauth
  rainbow
  twitter
