PATH
  remote: .
  specs:
    tw (1.0.0)
      args_parser (>= 0.2.0)
      json (>= 1.7.0)
      parallel (>= 0.8.2)
      rainbow (>= 1.1.4)
      twitter (>= 5.0.0)
      userstream (>= 1.2.0)

GEM
  remote: https://rubygems.org/
  specs:
    args_parser (0.2.0)
    atomic (1.1.14)
    buftok (0.1)
    descendants_tracker (0.0.3)
    equalizer (0.0.7)
    faraday (0.8.8)
      multipart-post (~> 1.2.0)
    hashie (1.2.0)
    http (0.5.0)
      http_parser.rb
    http_parser.rb (0.5.3)
    json (1.8.1)
    memoizable (0.2.0)
      thread_safe (~> 0.1.3)
    minitest (5.0.8)
    multipart-post (1.2.0)
    oauth (0.4.7)
    parallel (0.9.0)
    rainbow (1.1.4)
    rake (10.1.0)
    simple_oauth (0.2.0)
    thread_safe (0.1.3)
      atomic
    twitter (5.0.0)
      buftok (~> 0.1.0)
      descendants_tracker (~> 0.0.1)
      equalizer (~> 0.0.7)
      faraday (>= 0.8, < 0.10)
      http (~> 0.5.0)
      http_parser.rb (~> 0.5.0)
      json (~> 1.8)
      memoizable (~> 0.2.0)
      simple_oauth (~> 0.2.0)
    userstream (1.3.0)
      hashie (~> 1.2.0)
      oauth (~> 0.4.7)
      yajl-ruby (~> 1.1.0)
    yajl-ruby (1.1.0)

PLATFORMS
  ruby

DEPENDENCIES
  bundler (~> 1.3)
  minitest
  rake
  tw!
