PATH
  remote: .
  specs:
    tw (0.3.8)
      args_parser (>= 0.1.2)
      json (>= 1.7.0)
      parallel (>= 0.6.0)
      rainbow (>= 1.1.4)
      twitter (>= 4.4.0)
      userstream (>= 1.2.0)

GEM
  remote: https://rubygems.org/
  specs:
    args_parser (0.1.3)
    faraday (0.8.4)
      multipart-post (~> 1.1)
    hashie (1.2.0)
    json (1.7.6)
    json (1.7.6-java)
    minitest (4.3.3)
    multi_json (1.5.0)
    multipart-post (1.1.5)
    oauth (0.4.7)
    parallel (0.6.1)
    rainbow (1.1.4)
    simple_oauth (0.2.0)
    twitter (4.4.2)
      faraday (~> 0.8)
      multi_json (~> 1.3)
      simple_oauth (~> 0.2)
    userstream (1.2.2)
      hashie (~> 1.2.0)
      oauth (~> 0.4.6)

PLATFORMS
  java
  ruby

DEPENDENCIES
  minitest
  tw!
