PATH
  remote: .
  specs:
    tw (0.5.2)
      args_parser (>= 0.2.0)
      json (>= 1.7.0)
      parallel (>= 0.8.2)
      rainbow (>= 1.1.4)
      twitter (>= 4.4.0)
      userstream (>= 1.2.0)

GEM
  remote: https://rubygems.org/
  specs:
    args_parser (0.2.0)
    faraday (0.8.8)
      multipart-post (~> 1.2.0)
    hashie (1.2.0)
    json (1.8.0)
    minitest (5.0.7)
    multi_json (1.8.0)
    multipart-post (1.2.0)
    oauth (0.4.7)
    parallel (0.8.2)
    rainbow (1.1.4)
    rake (10.1.0)
    simple_oauth (0.2.0)
    twitter (4.8.1)
      faraday (~> 0.8, < 0.10)
      multi_json (~> 1.0)
      simple_oauth (~> 0.2)
    userstream (1.3.0)
      hashie (~> 1.2.0)
      oauth (~> 0.4.7)
      yajl-ruby (~> 1.1.0)
    yajl-ruby (1.1.0)

PLATFORMS
  ruby

DEPENDENCIES
  bundler (~> 1.3)
  minitest
  rake
  tw!
